PATH
  remote: .
  specs:
    attr_required (0.0.5)

GEM
  remote: http://rubygems.org/
  specs:
    configatron (2.9.0)
      yamler (>= 0.1.0)
    cover_me (1.2.0)
      configatron
      hashie
    diff-lcs (1.1.3)
    hashie (1.2.0)
    rake (0.9.2.2)
    rspec (2.8.0)
      rspec-core (~> 2.8.0)
      rspec-expectations (~> 2.8.0)
      rspec-mocks (~> 2.8.0)
    rspec-core (2.8.0)
    rspec-expectations (2.8.0)
      diff-lcs (~> 1.1.2)
    rspec-mocks (2.8.0)
    yamler (0.1.0)

PLATFORMS
  ruby

DEPENDENCIES
  attr_required!
  cover_me (>= 1.2.0)
  rake (>= 0.8)
  rspec (>= 2)
